GEM
  remote: https://rubygems.org/
  specs:
    addressable (2.8.5)
      public_suffix (>= 2.0.2, < 6.0)
    connection_pool (2.4.1)
    date (3.3.3)
    domain_name (0.6.20231109)
    http-cookie (1.0.5)
      domain_name (~> 0.5)
    mail (2.8.1)
      mini_mime (>= 0.1.1)
      net-imap
      net-pop
      net-smtp
    mechanize (2.9.1)
      addressable (~> 2.8)
      domain_name (~> 0.5, >= 0.5.20190701)
      http-cookie (~> 1.0, >= 1.0.3)
      mime-types (~> 3.0)
      net-http-digest_auth (~> 1.4, >= 1.4.1)
      net-http-persistent (>= 2.5.2, < 5.0.dev)
      nokogiri (~> 1.11, >= 1.11.2)
      rubyntlm (~> 0.6, >= 0.6.3)
      webrick (~> 1.7)
      webrobots (~> 0.1.2)
    mime-types (3.5.1)
      mime-types-data (~> 3.2015)
    mime-types-data (3.2023.1003)
    mini_mime (1.1.5)
    net-http-digest_auth (1.4.1)
    net-http-persistent (4.0.2)
      connection_pool (~> 2.2)
    net-imap (0.4.2)
      date
      net-protocol
    net-pop (0.1.2)
      net-protocol
    net-protocol (0.2.1)
      timeout
    net-smtp (0.4.0)
      net-protocol
    nokogiri (1.15.4-x64-mingw-ucrt)
      racc (~> 1.4)
    open-uri (0.3.0)
      stringio
      time
      uri
    pony (1.13.1)
      mail (>= 2.0)
    public_suffix (5.0.4)
    racc (1.6.2)
    rubyntlm (0.6.3)
    rubyzip (2.3.2)
    stringio (3.0.4)
    time (0.2.2)
      date
    timeout (0.4.0)
    uri (0.12.1)
    webrick (1.8.1)
    webrobots (0.1.2)

PLATFORMS
  x64-mingw-ucrt

DEPENDENCIES
  mechanize
  nokogiri
  open-uri
  pony
  rubyzip

BUNDLED WITH
   2.4.20
